PATH
  remote: .
  specs:
    Ironjobs (0.1.0)
      colorize
      require_all
      tty-prompt

GEM
  remote: https://rubygems.org/
  specs:
    colorize (0.8.1)
    equatable (0.5.0)
    necromancer (0.4.0)
    pastel (0.7.2)
      equatable (~> 0.5.0)
      tty-color (~> 0.4.0)
    rake (10.4.2)
    require_all (2.0.0)
    timers (4.2.0)
    tty-color (0.4.3)
    tty-cursor (0.6.0)
    tty-prompt (0.18.0)
      necromancer (~> 0.4.0)
      pastel (~> 0.7.0)
      timers (~> 4.0)
      tty-cursor (~> 0.6.0)
      tty-reader (~> 0.5.0)
    tty-reader (0.5.0)
      tty-cursor (~> 0.6.0)
      tty-screen (~> 0.6.4)
      wisper (~> 2.0.0)
    tty-screen (0.6.5)
    wisper (2.0.0)

PLATFORMS
  ruby

DEPENDENCIES
  Ironjobs!
  bundler (~> 1.16)
  rake (~> 10.0)

BUNDLED WITH
   1.16.1
